GIT
  remote: git://github.com/x2q/popular-posts.git
  revision: 106e34d595ab63111f68ef9b1b4fcd4c28f03d60
  specs:
    octopress-popular-posts (0.1.0)
      PageRankr (~> 3.2.1)

GEM
  remote: https://rubygems.org/
  specs:
    PageRankr (3.2.1)
      json (>= 1.4.6)
      jsonpath (>= 0.4.2)
      nokogiri (>= 1.4.1)
      public_suffix (>= 0.9.0)
      typhoeus (>= 0.2.1)
    RedCloth (4.2.9)
    chunky_png (1.2.8)
    classifier (1.3.3)
      fast-stemmer (>= 1.0.0)
    compass (0.12.2)
      chunky_png (~> 1.2)
      fssm (>= 0.2.7)
      sass (~> 3.1)
    directory_watcher (1.5.1)
    ethon (0.5.11)
      ffi (>= 1.3.0)
      mime-types (~> 1.18)
    fast-stemmer (1.0.2)
    ffi (1.6.0)
    fssm (0.2.10)
    haml (3.1.8)
    jekyll (0.12.1)
      classifier (~> 1.3)
      directory_watcher (~> 1.1)
      kramdown (~> 0.14)
      liquid (~> 2.3)
      maruku (~> 0.5)
      pygments.rb (~> 0.3.2)
    json (1.7.7)
    jsonpath (0.5.2)
      multi_json
    kramdown (0.14.2)
    liquid (2.3.0)
    maruku (0.6.1)
      syntax (>= 1.0.0)
    mime-types (1.22)
    multi_json (1.7.2)
    nokogiri (1.5.9)
    posix-spawn (0.3.6)
    public_suffix (1.3.0)
    pygments.rb (0.3.7)
      posix-spawn (~> 0.3.6)
      yajl-ruby (~> 1.1.0)
    rack (1.5.2)
    rack-protection (1.5.0)
      rack
    rake (0.9.6)
    rb-fsevent (0.9.3)
    rdiscount (1.6.8)
    rubypants (0.2.0)
    sass (3.2.7)
    sass-globbing (1.0.0)
      sass (>= 3.1)
    sinatra (1.4.2)
      rack (~> 1.5, >= 1.5.2)
      rack-protection (~> 1.4)
      tilt (~> 1.3, >= 1.3.4)
    stringex (1.4.0)
    syntax (1.0.0)
    tilt (1.3.7)
    typhoeus (0.6.3)
      ethon (~> 0.5.11)
    yajl-ruby (1.1.0)

PLATFORMS
  ruby

DEPENDENCIES
  RedCloth (~> 4.2.9)
  compass (~> 0.12.2)
  haml (~> 3.1.7)
  jekyll (~> 0.12)
  liquid (~> 2.3.0)
  octopress-popular-posts!
  pygments.rb (~> 0.3.4)
  rack
  rake (~> 0.9)
  rb-fsevent (~> 0.9)
  rdiscount (~> 1.6.8)
  rubypants (~> 0.2.0)
  sass-globbing (~> 1.0.0)
  sinatra (~> 1.4.2)
  stringex (~> 1.4.0)
